GIT
  remote: https://github.com/sonots/fluentd-server
  revision: 73ee0e536e372ea96563cfb749b5b01ab90ad9ba
  specs:
    fluentd-server (0.1.0)
      activerecord
      daemons
      delayed_job_active_record
      dotenv
      foreman
      serf-td-agent
      sinatra
      sinatra-activerecord
      sinatra-contrib
      sinatra-decorator
      sinatra-flash
      sinatra-redirect-with-flash
      slim
      thor
      unicorn
      unicorn-worker-killer

GEM
  remote: https://rubygems.org/
  specs:
    activemodel (4.1.1)
      activesupport (= 4.1.1)
      builder (~> 3.1)
    activerecord (4.1.1)
      activemodel (= 4.1.1)
      activesupport (= 4.1.1)
      arel (~> 5.0.0)
    activesupport (4.1.1)
      i18n (~> 0.6, >= 0.6.9)
      json (~> 1.7, >= 1.7.7)
      minitest (~> 5.1)
      thread_safe (~> 0.1)
      tzinfo (~> 1.1)
    arel (5.0.1.20140414130214)
    backports (3.6.0)
    builder (3.2.2)
    daemons (1.1.9)
    delayed_job (4.0.1)
      activesupport (>= 3.0, < 4.2)
    delayed_job_active_record (4.0.1)
      activerecord (>= 3.0, < 4.2)
      delayed_job (>= 3.0, < 4.1)
    dotenv (0.11.1)
      dotenv-deployment (~> 0.0.2)
    dotenv-deployment (0.0.2)
    foreman (0.63.0)
      dotenv (>= 0.7)
      thor (>= 0.13.6)
    gem-path (0.5.1)
    i18n (0.6.9)
    json (1.8.1)
    kgio (2.9.2)
    minitest (5.3.4)
    multi_json (1.10.1)
    pg (0.17.1)
    rack (1.5.2)
    rack-protection (1.5.3)
      rack
    rack-test (0.6.2)
      rack (>= 1.0)
    raindrops (0.13.0)
    rubyzip (0.9.9)
    serf-td-agent (0.1.2)
      gem-path (~> 0)
      rubyzip (~> 0)
    sinatra (1.4.5)
      rack (~> 1.4)
      rack-protection (~> 1.4)
      tilt (~> 1.3, >= 1.3.4)
    sinatra-activerecord (2.0.2)
      activerecord (>= 3.2)
      sinatra (~> 1.0)
    sinatra-contrib (1.4.2)
      backports (>= 2.0)
      multi_json
      rack-protection
      rack-test
      sinatra (~> 1.4.0)
      tilt (~> 1.3)
    sinatra-decorator (0.0.2)
      activesupport
    sinatra-flash (0.3.0)
      sinatra (>= 1.0.0)
    sinatra-redirect-with-flash (0.2.1)
      sinatra (>= 1.0.0)
    slim (2.0.2)
      temple (~> 0.6.6)
      tilt (>= 1.3.3, < 2.1)
    temple (0.6.7)
    thor (0.19.1)
    thread_safe (0.3.3)
    tilt (1.4.1)
    tzinfo (1.1.0)
      thread_safe (~> 0.1)
    unicorn (4.8.3)
      kgio (~> 2.6)
      rack
      raindrops (~> 0.7)
    unicorn-worker-killer (0.4.2)
      unicorn (~> 4)

PLATFORMS
  ruby

DEPENDENCIES
  fluentd-server!
  pg
